GIT
  remote: https://github.com/ChaelCodes/jekyll-twitch.git
  revision: 88757581284a7e8432ebf26d5fdbe325a02a2698
  branch: main
  specs:
    jekyll-twitch (1.0.0)
      jekyll

GIT
  remote: https://github.com/guard/listen.git
  revision: 96c9476af3ab383c150e7f533718a2b37d1ede66
  specs:
    listen (3.5.1)
      rb-fsevent (~> 0.10, >= 0.10.3)
      rb-inotify (~> 0.9, >= 0.9.10)

GIT
  remote: https://github.com/jekyll/jekyll-feed.git
  revision: 6d4913fe5017c685d2437f328ab4a9138cea07a8
  specs:
    jekyll-feed (0.15.1)
      jekyll (>= 3.7, < 5.0)

GIT
  remote: https://github.com/jekyll/minima.git
  revision: 3cdd14dff1216f561c68329e0b7420c2dc9b796a
  specs:
    minima (2.5.1)
      jekyll (>= 3.5, < 5.0)
      jekyll-feed (~> 0.9)
      jekyll-seo-tag (~> 2.1)

GIT
  remote: https://github.com/ruby-i18n/i18n.git
  revision: f19ee0de1320671856dbc4375ab3f2716d13f03a
  specs:
    i18n (1.8.10)
      concurrent-ruby (~> 1.0)

GIT
  remote: https://github.com/ruby/rexml.git
  revision: e941ff17ed3dad428d946b15524bb3529e684266
  specs:
    rexml (3.2.6)

GEM
  remote: https://rubygems.org/
  specs:
    addressable (2.7.0)
      public_suffix (>= 2.0.2, < 5.0)
    colorator (1.1.0)
    concurrent-ruby (1.1.8)
    em-websocket (0.5.2)
      eventmachine (>= 0.12.9)
      http_parser.rb (~> 0.6.0)
    eventmachine (1.2.7)
    ffi (1.15.0)
    forwardable-extended (2.6.0)
    http_parser.rb (0.6.0)
    jekyll (4.2.0)
      addressable (~> 2.4)
      colorator (~> 1.0)
      em-websocket (~> 0.5)
      i18n (~> 1.0)
      jekyll-sass-converter (~> 2.0)
      jekyll-watch (~> 2.0)
      kramdown (~> 2.3)
      kramdown-parser-gfm (~> 1.0)
      liquid (~> 4.0)
      mercenary (~> 0.4.0)
      pathutil (~> 0.9)
      rouge (~> 3.0)
      safe_yaml (~> 1.0)
      terminal-table (~> 2.0)
    jekyll-sass-converter (2.1.0)
      sassc (> 2.0.1, < 3.0)
    jekyll-seo-tag (2.7.1)
      jekyll (>= 3.8, < 5.0)
    jekyll-watch (2.2.1)
      listen (~> 3.0)
    kramdown (2.3.1)
      rexml
    kramdown-parser-gfm (1.1.0)
      kramdown (~> 2.0)
    liquid (4.0.3)
    mercenary (0.4.0)
    pathutil (0.16.2)
      forwardable-extended (~> 2.6)
    public_suffix (4.0.6)
    rb-fsevent (0.10.4)
    rb-inotify (0.10.1)
      ffi (~> 1.0)
    rouge (3.26.0)
    safe_yaml (1.0.5)
    sassc (2.4.0)
      ffi (~> 1.9)
    terminal-table (2.0.0)
      unicode-display_width (~> 1.1, >= 1.1.1)
    unicode-display_width (1.7.0)

PLATFORMS
  ruby

DEPENDENCIES
  i18n!
  jekyll (~> 4.2.0)
  jekyll-feed!
  jekyll-twitch!
  listen!
  minima!
  rexml!
  tzinfo (~> 1.2)
  tzinfo-data
  wdm (~> 0.1.1)

BUNDLED WITH
   2.1.4
